PATH
  remote: .
  specs:
    puma-plugin-shellscript (0.1.0)
      puma

GEM
  remote: https://rubygems.org/
  specs:
    diff-lcs (1.5.1)
    nio4r (2.7.4)
    puma (6.5.0)
      nio4r (~> 2.0)
    rake (13.2.1)
    rspec (3.13.0)
      rspec-core (~> 3.13.0)
      rspec-expectations (~> 3.13.0)
      rspec-mocks (~> 3.13.0)
    rspec-core (3.13.2)
      rspec-support (~> 3.13.0)
    rspec-expectations (3.13.3)
      diff-lcs (>= 1.2.0, < 2.0)
      rspec-support (~> 3.13.0)
    rspec-mocks (3.13.2)
      diff-lcs (>= 1.2.0, < 2.0)
      rspec-support (~> 3.13.0)
    rspec-support (3.13.1)

PLATFORMS
  arm64-darwin-22
  ruby

DEPENDENCIES
  puma-plugin-shellscript!
  rake (~> 13.0)
  rspec (~> 3.0)

BUNDLED WITH
   2.5.23
